PATH
  remote: .
  specs:
    hq-sms-global-balance-check (0.1.0)
      hq-tools (>= 0.8.1)
      libxml-ruby (>= 2.6.0)

GEM
  remote: https://rubygems.org/
  specs:
    builder (3.2.0)
    cucumber (1.3.1)
      builder (>= 2.1.2)
      diff-lcs (>= 1.1.3)
      gherkin (~> 2.12.0)
      multi_json (~> 1.3)
    diff-lcs (1.2.4)
    gherkin (2.12.0)
      multi_json (~> 1.3)
    hq-dev (0.0.18)
    hq-tools (0.8.1)
    json (1.8.0)
    libxml-ruby (2.6.0)
    multi_json (1.7.3)
    rake (10.0.4)
    rspec (2.13.0)
      rspec-core (~> 2.13.0)
      rspec-expectations (~> 2.13.0)
      rspec-mocks (~> 2.13.0)
    rspec-core (2.13.1)
    rspec-expectations (2.13.0)
      diff-lcs (>= 1.1.3, < 2.0)
    rspec-mocks (2.13.1)
    rspec_junit_formatter (0.1.6)
      builder
      rspec (~> 2.0)
      rspec-core (!= 2.12.0)
    simplecov (0.7.1)
      multi_json (~> 1.0)
      simplecov-html (~> 0.7.1)
    simplecov-html (0.7.1)

PLATFORMS
  ruby

DEPENDENCIES
  cucumber (>= 1.3.1)
  hq-dev (>= 0.0.18)
  hq-sms-global-balance-check!
  json (>= 1.7.7)
  rake (>= 10.0.4)
  rspec (>= 2.13.0)
  rspec_junit_formatter (>= 0.1.6)
  simplecov (>= 0.7.1)
